GEM
  remote: https://rubygems.org/
  specs:
    activesupport (5.1.3)
      concurrent-ruby (~> 1.0, >= 1.0.2)
      i18n (~> 0.7)
      minitest (~> 5.1)
      tzinfo (~> 1.1)
    addressable (2.5.2)
      public_suffix (>= 2.0.2, < 4.0)
    codecov (0.1.10)
      json
      simplecov
      url
    coderay (1.1.1)
    concurrent-ruby (1.0.5)
    concurrent-ruby (1.0.5-java)
    crack (0.4.3)
      safe_yaml (~> 1.0.0)
    diff-lcs (1.3)
    docile (1.1.5)
    dragonfly (1.0.12)
      addressable (~> 2.3)
      multi_json (~> 1.0)
      rack (>= 1.3.0)
    ffi (1.9.18)
    ffi (1.9.18-java)
    hashdiff (0.3.6)
    i18n (0.8.6)
    json (2.1.0)
    json (2.1.0-java)
    kramdown (1.7.0)
    method_source (0.8.2)
    minitest (5.10.3)
    multi_json (1.12.1)
    mustermann (1.0.1)
    pry (0.10.4)
      coderay (~> 1.1.0)
      method_source (~> 0.8.1)
      slop (~> 3.4)
    pry (0.10.4-java)
      coderay (~> 1.1.0)
      method_source (~> 0.8.1)
      slop (~> 3.4)
      spoon (~> 0.0)
    public_suffix (3.0.0)
    puma (3.4.0)
    puma (3.4.0-java)
    rack (2.0.3)
    rack-protection (2.0.0)
      rack
    rack-test (0.7.0)
      rack (>= 1.0, < 3)
    rake (12.0.0)
    rdoc (5.1.0)
    rspec (3.6.0)
      rspec-core (~> 3.6.0)
      rspec-expectations (~> 3.6.0)
      rspec-mocks (~> 3.6.0)
    rspec-core (3.6.0)
      rspec-support (~> 3.6.0)
    rspec-expectations (3.6.0)
      diff-lcs (>= 1.2.0, < 2.0)
      rspec-support (~> 3.6.0)
    rspec-mocks (3.6.0)
      diff-lcs (>= 1.2.0, < 2.0)
      rspec-support (~> 3.6.0)
    rspec-support (3.6.0)
    safe_yaml (1.0.4)
    simple-navigation (4.0.5)
      activesupport (>= 2.3.2)
    simplecov (0.15.0)
      docile (~> 1.1.0)
      json (>= 1.8, < 3)
      simplecov-html (~> 0.10.0)
    simplecov-html (0.10.2)
    simplecov-rcov (0.2.3)
      simplecov (>= 0.4.1)
    sinatra (2.0.0)
      mustermann (~> 1.0)
      rack (~> 2.0)
      rack-protection (= 2.0.0)
      tilt (~> 2.0)
    sinatra-simple-navigation (4.1.0)
      simple-navigation (~> 4.0)
      sinatra (>= 1.0, < 3.0)
    sinatra-static-assets (1.0.4)
      sinatra (>= 1.1.0)
    slop (3.6.0)
    spoon (0.0.6)
      ffi
    thread_safe (0.3.6)
    thread_safe (0.3.6-java)
    tilt (2.0.8)
    tzinfo (1.2.3)
      thread_safe (~> 0.1)
    url (0.3.2)
    webmock (3.0.1)
      addressable (>= 2.3.6)
      crack (>= 0.3.2)
      hashdiff

PLATFORMS
  java
  ruby

DEPENDENCIES
  addressable
  bundler
  codecov
  dragonfly (~> 1.0.3)
  json
  kramdown (~> 1.7.0)
  pry
  puma (~> 3.4.0)
  rack-test
  rake
  rdoc
  rspec
  simplecov
  simplecov-rcov
  sinatra (~> 2.0.0)
  sinatra-simple-navigation (~> 4.1.0)
  sinatra-static-assets (~> 1.0.4)
  webmock

BUNDLED WITH
   1.14.6
