GEM
  remote: https://rubygems.org/
  specs:
    activesupport (7.0.6)
      concurrent-ruby (~> 1.0, >= 1.0.2)
      i18n (>= 1.6, < 2)
      minitest (>= 5.1)
      tzinfo (~> 2.0)
    addressable (2.8.5)
      public_suffix (>= 2.0.2, < 6.0)
    bigdecimal (3.1.4)
    codecov (0.6.0)
      simplecov (>= 0.15, < 0.22)
    coderay (1.1.3)
    concurrent-ruby (1.2.2)
    crack (0.4.5)
      rexml
    diff-lcs (1.5.0)
    docile (1.4.0)
    dragonfly (1.4.0)
      addressable (~> 2.3)
      multi_json (~> 1.0)
      rack (>= 1.3)
    ffi (1.15.5)
    ffi (1.15.5-java)
    hashdiff (1.0.1)
    i18n (1.14.1)
      concurrent-ruby (~> 1.0)
    jar-dependencies (0.4.1)
    json (2.6.3)
    json (2.6.3-java)
    kramdown (2.3.2)
      rexml
    method_source (1.0.0)
    minitest (5.19.0)
    multi_json (1.15.0)
    mustermann (2.0.2)
      ruby2_keywords (~> 0.0.1)
    nio4r (2.5.9)
    nio4r (2.5.9-java)
    pry (0.14.2)
      coderay (~> 1.1)
      method_source (~> 1.0)
    pry (0.14.2-java)
      coderay (~> 1.1)
      method_source (~> 1.0)
      spoon (~> 0.0)
    psych (5.1.0)
      stringio
    psych (5.1.0-java)
      jar-dependencies (>= 0.1.7)
    public_suffix (5.0.3)
    puma (4.3.12)
      nio4r (~> 2.0)
    puma (4.3.12-java)
      nio4r (~> 2.0)
    rack (2.2.6.4)
    rack-protection (2.2.4)
      rack
    rack-test (2.1.0)
      rack (>= 1.3)
    rake (13.0.6)
    rdoc (6.5.0)
      psych (>= 4.0.0)
    rexml (3.2.6)
    rspec (3.12.0)
      rspec-core (~> 3.12.0)
      rspec-expectations (~> 3.12.0)
      rspec-mocks (~> 3.12.0)
    rspec-core (3.12.2)
      rspec-support (~> 3.12.0)
    rspec-expectations (3.12.3)
      diff-lcs (>= 1.2.0, < 2.0)
      rspec-support (~> 3.12.0)
    rspec-mocks (3.12.6)
      diff-lcs (>= 1.2.0, < 2.0)
      rspec-support (~> 3.12.0)
    rspec-support (3.12.1)
    ruby2_keywords (0.0.5)
    shotgun (0.9.2)
      rack (>= 1.0)
    simple-navigation (4.4.0)
      activesupport (>= 2.3.2)
    simplecov (0.21.2)
      docile (~> 1.1)
      simplecov-html (~> 0.11)
      simplecov_json_formatter (~> 0.1)
    simplecov-html (0.12.3)
    simplecov-rcov (0.3.1)
      simplecov (>= 0.4.1)
    simplecov_json_formatter (0.1.4)
    sinatra (2.2.4)
      mustermann (~> 2.0)
      rack (~> 2.2)
      rack-protection (= 2.2.4)
      tilt (~> 2.0)
    sinatra-simple-navigation (4.1.0)
      simple-navigation (~> 4.0)
      sinatra (>= 1.0, < 3.0)
    sinatra-static-assets (1.0.4)
      sinatra (>= 1.1.0)
    spoon (0.0.6)
      ffi
    stringio (3.0.7)
    tilt (2.2.0)
    tzinfo (2.0.6)
      concurrent-ruby (~> 1.0)
    webmock (3.18.1)
      addressable (>= 2.8.0)
      crack (>= 0.3.2)
      hashdiff (>= 0.4.0, < 2.0.0)

PLATFORMS
  java
  ruby

DEPENDENCIES
  addressable
  bigdecimal
  bundler
  codecov
  dragonfly (~> 1.4.0)
  ffi (>= 1.9.24)
  json
  kramdown (~> 2.3.1)
  pry
  puma (~> 4.3.12)
  rack-test
  rake
  rdoc
  rspec
  shotgun
  simplecov
  simplecov-rcov
  sinatra (~> 2.2.3)
  sinatra-simple-navigation (~> 4.1.0)
  sinatra-static-assets (~> 1.0.4)
  webmock

BUNDLED WITH
   2.1.2
